GEM
  remote: http://rubygems.org/
  specs:
    archive-tar-minitar (0.5.2)
    flashsdk (1.1.36.pre)
      sprout (>= 1.1.18.pre)
    flexunit (0.0.9.pre)
      flashsdk (>= 1.0.27.pre)
    open4 (1.3.4)
    rake (10.3.2)
    rubyzip (0.9.4)
    sprout (1.1.18.pre)
      archive-tar-minitar (= 0.5.2)
      bundler (>= 0.9.19)
      open4 (>= 0.9.6)
      rake (>= 0.9.2)
      rubyzip (= 0.9.4)
    tool-shed (0.0.16)
      rake (>= 0.9.2)

PLATFORMS
  ruby

DEPENDENCIES
  flashsdk (>= 1.0.29.1.pre)
  flexunit (>= 0.0.9.pre)
  tool-shed (~> 0.0.16)
