GEM
  remote: http://rubygems.org/
  specs:
    archive-tar-minitar (0.5.2)
    flashsdk (1.1.36.pre)
      sprout (>= 1.1.18.pre)
    flexpmd (1.2.3)
      sprout (>= 1.1.15.pre)
    flexunit (0.0.9.pre)
      flashsdk (>= 1.0.27.pre)
    open4 (1.3.0)
    rake (0.9.2.2)
    rubyzip (0.9.9)
    sprout (1.1.19.pre)
      archive-tar-minitar (= 0.5.2)
      bundler (>= 0.9.19)
      rake (~> 0.9.2)
      rubyzip (= 0.9.9)
    tool-shed (0.0.14)
      rake (>= 0.9.2)

PLATFORMS
  ruby

DEPENDENCIES
  flashsdk
  flexpmd (>= 1.2.3)
  flexunit (= 0.0.9.pre)
  open4
  rake (= 0.9.2.2)
  tool-shed (= 0.0.14)
